PATH
  remote: logstash/logstash-core-plugin-api
  specs:
    logstash-core-plugin-api (2.1.16-java)
      logstash-core (= 7.10.3)

PATH
  remote: logstash/logstash-core
  specs:
    logstash-core (7.10.3-java)
      chronic_duration (~> 0.10)
      clamp (~> 0.6)
      concurrent-ruby (~> 1)
      elasticsearch (~> 5)
      filesize (~> 0.2)
      gems (~> 1)
      i18n (~> 1)
      jrjackson (= 0.4.13)
      jruby-openssl (= 0.10.4)
      manticore (~> 0.6)
      minitar (~> 0.8)
      mustermann (~> 1.0.3)
      pry (~> 0.12)
      puma (~> 4)
      rack (~> 2)
      rubyzip (~> 1)
      sinatra (~> 2)
      stud (~> 0.0.19)
      thread_safe (~> 0.3.6)
      treetop (~> 1)

PATH
  remote: .
  specs:
    logstash-output-loki (1.0.3)
      logstash-codec-plain (= 3.0.6)
      logstash-core-plugin-api (>= 1.60, <= 2.99)

GEM
  remote: https://rubygems.org/
  specs:
    addressable (2.7.0)
      public_suffix (>= 2.0.2, < 5.0)
    chronic_duration (0.10.6)
      numerizer (~> 0.1.1)
    clamp (0.6.5)
    coderay (1.1.3)
    concurrent-ruby (1.1.8)
    crack (0.4.5)
      rexml
    diff-lcs (1.4.4)
    elasticsearch (5.0.5)
      elasticsearch-api (= 5.0.5)
      elasticsearch-transport (= 5.0.5)
    elasticsearch-api (5.0.5)
      multi_json
    elasticsearch-transport (5.0.5)
      faraday
      multi_json
    faraday (1.4.2)
      faraday-em_http (~> 1.0)
      faraday-em_synchrony (~> 1.0)
      faraday-excon (~> 1.1)
      faraday-net_http (~> 1.0)
      faraday-net_http_persistent (~> 1.1)
      multipart-post (>= 1.2, < 3)
      ruby2_keywords (>= 0.0.4)
    faraday-em_http (1.0.0)
    faraday-em_synchrony (1.0.0)
    faraday-excon (1.1.0)
    faraday-net_http (1.0.1)
    faraday-net_http_persistent (1.1.0)
    ffi (1.15.1-java)
    filesize (0.2.0)
    fivemat (1.3.7)
    gem_publisher (1.5.0)
    gems (1.2.0)
    hashdiff (1.0.1)
    i18n (1.8.10)
      concurrent-ruby (~> 1.0)
    jrjackson (0.4.13-java)
    jruby-openssl (0.10.4-java)
    kramdown (1.14.0)
    logstash-codec-plain (3.0.6)
      logstash-core-plugin-api (>= 1.60, <= 2.99)
    logstash-devutils (2.0.2-java)
      fivemat
      gem_publisher
      kramdown (= 1.14.0)
      logstash-codec-plain
      logstash-core (>= 6.3)
      minitar
      rake
      rspec (~> 3.0)
      rspec-wait
      stud (>= 0.0.20)
    manticore (0.7.0-java)
      openssl_pkcs8_pure
    method_source (1.0.0)
    minitar (0.9)
    multi_json (1.15.0)
    multipart-post (2.1.1)
    mustermann (1.0.3)
    nio4r (2.5.7-java)
    numerizer (0.1.1)
    openssl_pkcs8_pure (0.0.0.2)
    polyglot (0.3.5)
    pry (0.14.1-java)
      coderay (~> 1.1)
      method_source (~> 1.0)
      spoon (~> 0.0)
    public_suffix (4.0.6)
    puma (4.3.8-java)
      nio4r (~> 2.0)
    rack (2.2.3)
    rack-protection (2.1.0)
      rack
    rake (13.0.3)
    rexml (3.2.5)
    rspec (3.10.0)
      rspec-core (~> 3.10.0)
      rspec-expectations (~> 3.10.0)
      rspec-mocks (~> 3.10.0)
    rspec-core (3.10.1)
      rspec-support (~> 3.10.0)
    rspec-expectations (3.10.1)
      diff-lcs (>= 1.2.0, < 2.0)
      rspec-support (~> 3.10.0)
    rspec-mocks (3.10.2)
      diff-lcs (>= 1.2.0, < 2.0)
      rspec-support (~> 3.10.0)
    rspec-support (3.10.2)
    rspec-wait (0.0.9)
      rspec (>= 3, < 4)
    ruby2_keywords (0.0.4)
    rubyzip (1.3.0)
    sinatra (2.1.0)
      mustermann (~> 1.0)
      rack (~> 2.2)
      rack-protection (= 2.1.0)
      tilt (~> 2.0)
    spoon (0.0.6)
      ffi
    stud (0.0.23)
    thread_safe (0.3.6-java)
    tilt (2.0.10)
    treetop (1.6.11)
      polyglot (~> 0.3)
    webmock (3.12.2)
      addressable (>= 2.3.6)
      crack (>= 0.3.2)
      hashdiff (>= 0.4.0, < 2.0.0)

PLATFORMS
  java

DEPENDENCIES
  logstash-core!
  logstash-core-plugin-api!
  logstash-devutils (= 2.0.2)
  logstash-output-loki!
  webmock (~> 3.8)

BUNDLED WITH
   1.17.3
